PATH
  remote: .
  specs:
    buergel (0.1)

GEM
  remote: https://rubygems.org/
  specs:
    addressable (2.3.4)
    builder (3.2.0)
    crack (0.3.2)
    gyoku (1.0.0)
      builder (>= 2.1.2)
    iso_country_codes (0.4.1)
    rake (10.0.4)
    vcr (2.4.0)
    webmock (1.11.0)
      addressable (>= 2.2.7)
      crack (>= 0.3.2)

PLATFORMS
  ruby

DEPENDENCIES
  buergel!
  bundler (~> 1.3)
  crack
  gyoku
  iso_country_codes
  rake
  vcr
  webmock
